PATH
  remote: .
  specs:
    board_game_geek (0.0.1)
      nokogiri

GEM
  remote: https://rubygems.org/
  specs:
    addressable (2.2.6)
    crack (0.3.1)
    minitest (2.8.0)
    nokogiri (1.5.0)
    rake (0.9.2.2)
    vcr (1.11.3)
    webmock (1.7.7)
      addressable (~> 2.2, > 2.2.5)
      crack (>= 0.1.7)

PLATFORMS
  ruby

DEPENDENCIES
  board_game_geek!
  minitest
  rake
  vcr
  webmock
